PATH
  remote: .
  specs:
    makandra-rubocop (5.4.0)
      rubocop (~> 1.9.1)
      rubocop-rails (~> 2.5.1)
      rubocop-rspec (~> 1.40.0)

GEM
  remote: https://rubygems.org/
  specs:
    activesupport (6.1.1)
      concurrent-ruby (~> 1.0, >= 1.0.2)
      i18n (>= 1.6, < 2)
      minitest (>= 5.1)
      tzinfo (~> 2.0)
      zeitwerk (~> 2.3)
    ast (2.4.2)
    concurrent-ruby (1.1.8)
    i18n (1.8.8)
      concurrent-ruby (~> 1.0)
    minitest (5.14.3)
    parallel (1.20.1)
    parser (3.0.0.0)
      ast (~> 2.4.1)
    rack (2.2.3)
    rainbow (3.0.0)
    rake (12.3.2)
    regexp_parser (2.0.3)
    rexml (3.2.4)
    rubocop (1.9.1)
      parallel (~> 1.10)
      parser (>= 3.0.0.0)
      rainbow (>= 2.2.2, < 4.0)
      regexp_parser (>= 1.8, < 3.0)
      rexml
      rubocop-ast (>= 1.2.0, < 2.0)
      ruby-progressbar (~> 1.7)
      unicode-display_width (>= 1.4.0, < 3.0)
    rubocop-ast (1.4.1)
      parser (>= 2.7.1.5)
    rubocop-rails (2.5.2)
      activesupport
      rack (>= 1.1)
      rubocop (>= 0.72.0)
    rubocop-rspec (1.40.0)
      rubocop (>= 0.68.1)
    ruby-progressbar (1.11.0)
    tzinfo (2.0.4)
      concurrent-ruby (~> 1.0)
    unicode-display_width (2.0.0)
    zeitwerk (2.4.2)

PLATFORMS
  ruby

DEPENDENCIES
  bundler (~> 2.0)
  makandra-rubocop!
  rake (~> 12.3)

BUNDLED WITH
   2.1.2
