PATH
  remote: .
  specs:
    makandra-rubocop (11.2.0)
      rubocop (~> 1.36.0)
      rubocop-rails (~> 2.19.0)
      rubocop-rspec (~> 2.13.2)

GEM
  remote: https://rubygems.org/
  specs:
    activesupport (6.1.7.3)
      concurrent-ruby (~> 1.0, >= 1.0.2)
      i18n (>= 1.6, < 2)
      minitest (>= 5.1)
      tzinfo (~> 2.0)
      zeitwerk (~> 2.3)
    ast (2.4.2)
    concurrent-ruby (1.2.2)
    i18n (1.12.0)
      concurrent-ruby (~> 1.0)
    json (2.6.3)
    minitest (5.18.0)
    parallel (1.22.1)
    parser (3.2.2.0)
      ast (~> 2.4.1)
    rack (3.0.7)
    rainbow (3.1.1)
    rake (12.3.2)
    regexp_parser (2.7.0)
    rexml (3.2.5)
    rubocop (1.36.0)
      json (~> 2.3)
      parallel (~> 1.10)
      parser (>= 3.1.2.1)
      rainbow (>= 2.2.2, < 4.0)
      regexp_parser (>= 1.8, < 3.0)
      rexml (>= 3.2.5, < 4.0)
      rubocop-ast (>= 1.20.1, < 2.0)
      ruby-progressbar (~> 1.7)
      unicode-display_width (>= 1.4.0, < 3.0)
    rubocop-ast (1.28.0)
      parser (>= 3.2.1.0)
    rubocop-rails (2.19.0)
      activesupport (>= 4.2.0)
      rack (>= 1.1)
      rubocop (>= 1.33.0, < 2.0)
    rubocop-rspec (2.13.2)
      rubocop (~> 1.33)
    ruby-progressbar (1.13.0)
    tzinfo (2.0.6)
      concurrent-ruby (~> 1.0)
    unicode-display_width (2.4.2)
    zeitwerk (2.6.7)

PLATFORMS
  ruby

DEPENDENCIES
  bundler (~> 2.0)
  makandra-rubocop!
  rake (~> 12.3)

BUNDLED WITH
   2.3.23
